GIT
  remote: https://github.com/FractalBlockchain/hex
  revision: ea4bb942a0e20eb991469c17683e288f5f623720
  specs:
    hex (1.0)

PATH
  remote: .
  specs:
    ixo_chain (0.1.0)

GEM
  remote: https://rubygems.org/
  specs:
    ast (2.4.0)
    base58 (0.2.3)
    ed25519 (1.2.4)
    jaro_winkler (1.5.1)
    jaro_winkler (1.5.1-x86_64-darwin-17)
    parallel (1.12.1)
    parser (2.5.1.2)
      ast (~> 2.4.0)
    powerpack (0.1.2)
    rainbow (3.0.0)
    rubocop (0.59.2)
      jaro_winkler (~> 1.5.1)
      parallel (~> 1.10)
      parser (>= 2.5, != 2.5.1.1)
      powerpack (~> 0.1)
      rainbow (>= 2.2.2, < 4.0)
      ruby-progressbar (~> 1.7)
      unicode-display_width (~> 1.0, >= 1.0.1)
    ruby-progressbar (1.10.0)
    unicode-display_width (1.4.0)

PLATFORMS
  ruby

DEPENDENCIES
  base58
  ed25519
  hex!
  ixo_chain!
  rubocop

BUNDLED WITH
   1.16.3
